PATH
  remote: .
  specs:
    dot_grid (0.0.6)
      prawn (~> 1.1.0)
      require_all (~> 1.3.2)
      trollop (~> 2.0)

GEM
  remote: https://rubygems.org/
  specs:
    coveralls (0.7.0)
      multi_json (~> 1.3)
      rest-client
      simplecov (>= 0.7)
      term-ansicolor
      thor
    diff-lcs (1.2.5)
    docile (1.1.3)
    mime-types (2.3)
    multi_json (1.10.1)
    pdf-core (0.2.5)
    prawn (1.1.0)
      pdf-core (~> 0.2.5)
      ttfunk (~> 1.2.0)
    rake (10.3.2)
    require_all (1.3.2)
    rest-client (1.6.7)
      mime-types (>= 1.16)
    rspec (2.14.1)
      rspec-core (~> 2.14.0)
      rspec-expectations (~> 2.14.0)
      rspec-mocks (~> 2.14.0)
    rspec-core (2.14.8)
    rspec-expectations (2.14.5)
      diff-lcs (>= 1.1.3, < 2.0)
    rspec-mocks (2.14.6)
    simplecov (0.8.2)
      docile (~> 1.1.0)
      multi_json
      simplecov-html (~> 0.8.0)
    simplecov-html (0.8.0)
    term-ansicolor (1.3.0)
      tins (~> 1.0)
    thor (0.19.1)
    tins (1.3.0)
    trollop (2.0)
    ttfunk (1.2.0)

PLATFORMS
  ruby

DEPENDENCIES
  coveralls
  dot_grid!
  rake (~> 10.3.2)
  rspec (~> 2.14.1)
