PATH
  remote: .
  specs:
    dot_grid (0.0.1)
      prawn (~> 1.0.0)
      require_all (~> 1.3.2)
      trollop (~> 2.0)

GEM
  remote: https://rubygems.org/
  specs:
    diff-lcs (1.2.5)
    pdf-core (0.2.5)
    prawn (1.0.0)
      pdf-core (~> 0.2.2)
      ttfunk (~> 1.1.1)
    rake (10.3.2)
    require_all (1.3.2)
    rspec (2.14.1)
      rspec-core (~> 2.14.0)
      rspec-expectations (~> 2.14.0)
      rspec-mocks (~> 2.14.0)
    rspec-core (2.14.8)
    rspec-expectations (2.14.5)
      diff-lcs (>= 1.1.3, < 2.0)
    rspec-mocks (2.14.6)
    trollop (2.0)
    ttfunk (1.1.1)

PLATFORMS
  ruby

DEPENDENCIES
  dot_grid!
  rake (~> 10.3.2)
  rspec (~> 2.14.1)
